GEM
  remote: http://rubygems.org/
  specs:
    Ascii85 (1.0.0)
    abstract (1.0.0)
    actionmailer (3.0.7)
      actionpack (= 3.0.7)
      mail (~> 2.2.15)
    actionpack (3.0.7)
      activemodel (= 3.0.7)
      activesupport (= 3.0.7)
      builder (~> 2.1.2)
      erubis (~> 2.6.6)
      i18n (~> 0.5.0)
      rack (~> 1.2.1)
      rack-mount (~> 0.6.14)
      rack-test (~> 0.5.7)
      tzinfo (~> 0.3.23)
    activemodel (3.0.7)
      activesupport (= 3.0.7)
      builder (~> 2.1.2)
      i18n (~> 0.5.0)
    activerecord (3.0.7)
      activemodel (= 3.0.7)
      activesupport (= 3.0.7)
      arel (~> 2.0.2)
      tzinfo (~> 0.3.23)
    activeresource (3.0.7)
      activemodel (= 3.0.7)
      activesupport (= 3.0.7)
    activesupport (3.0.7)
    acts-as-taggable-on (2.0.6)
    acts_as_geocodable (2.0.2)
      graticule (>= 2.0.0)
    aproxacs-s3sync (1.3.6)
    archive-tar-minitar (0.5.2)
    arel (2.0.9)
    authlogic (3.0.2)
      activerecord (~> 3.0.7)
      activerecord (~> 3.0.7)
    bcrypt-ruby (2.1.4)
    builder (2.1.2)
    capistrano (2.5.21)
      highline
      net-scp (>= 1.0.0)
      net-sftp (>= 2.0.0)
      net-ssh (>= 2.0.14)
      net-ssh-gateway (>= 1.0.0)
    carrierwave (0.5.3)
      activesupport (~> 3.0)
    columnize (0.3.2)
    daemons (1.1.2)
    dalli (1.0.3)
    delayed_job (2.1.4)
      activesupport (~> 3.0)
      daemons
    erubis (2.6.6)
      abstract (>= 1.0.0)
    excon (0.6.2)
    faker (0.9.5)
      i18n (~> 0.4)
    fastercsv (1.5.4)
    fog (0.7.2)
      builder
      excon (>= 0.6.1)
      formatador (>= 0.1.3)
      json
      mime-types
      net-ssh (>= 2.1.3)
      nokogiri (>= 1.4.4)
      ruby-hmac
    formatador (0.1.3)
    google_map (0.0.4)
    googlecharts (1.6.2)
    graticule (2.0.1)
      activesupport
      happymapper (>= 0.3.0)
      i18n
      json
    happymapper (0.3.2)
      libxml-ruby (~> 1.1.3)
    highline (1.6.1)
    hoptoad_notifier (2.4.9)
      activesupport
      builder
    i18n (0.5.0)
    json (1.5.1)
    libxml-ruby (1.1.4)
    linecache19 (0.5.12)
      ruby_core_source (>= 0.1.4)
    machinist (2.0.0.beta2)
    mail (2.2.17)
      activesupport (>= 2.3.6)
      i18n (>= 0.4.0)
      mime-types (~> 1.16)
      treetop (~> 1.4.8)
    mime-types (1.16)
    mini_magick (3.2)
      subexec (~> 0.0.4)
    mysql2 (0.2.7)
    net-scp (1.0.4)
      net-ssh (>= 1.99.1)
    net-sftp (2.0.5)
      net-ssh (>= 2.0.9)
    net-ssh (2.1.4)
    net-ssh-gateway (1.0.1)
      net-ssh (>= 1.99.1)
    newrelic_rpm (2.14.1)
    nokogiri (1.4.4)
    pdf-reader (0.9.1)
      Ascii85 (>= 0.9)
    polyglot (0.3.1)
    prawn (0.11.1)
      pdf-reader (>= 0.9.0)
      ttfunk (~> 1.0.0)
    prawnto (0.0.4)
      prawn
      rails (>= 2.1)
    rack (1.2.2)
    rack-debug (2.0.0)
      rack (>= 1.0)
      ruby-debug19 (~> 0.11.6)
    rack-mount (0.6.14)
      rack (>= 1.0.0)
    rack-test (0.5.7)
      rack (>= 1.0)
    rails (3.0.7)
      actionmailer (= 3.0.7)
      actionpack (= 3.0.7)
      activerecord (= 3.0.7)
      activeresource (= 3.0.7)
      activesupport (= 3.0.7)
      bundler (~> 1.0)
      railties (= 3.0.7)
    railties (3.0.7)
      actionpack (= 3.0.7)
      activesupport (= 3.0.7)
      rake (>= 0.8.7)
      thor (~> 0.14.4)
    rake (0.8.7)
    render_inheritable (1.0.0)
      rails (~> 3.0)
    rr (1.0.2)
    ruby-debug-base19 (0.11.25)
      columnize (>= 0.3.1)
      linecache19 (>= 0.5.11)
      ruby_core_source (>= 0.1.4)
    ruby-debug19 (0.11.6)
      columnize (>= 0.3.1)
      linecache19 (>= 0.5.11)
      ruby-debug-base19 (>= 0.11.19)
    ruby-hmac (0.4.0)
    ruby_core_source (0.1.5)
      archive-tar-minitar (>= 0.5.2)
    shoulda (2.11.3)
    simple-navigation (3.2.0)
      activesupport (>= 2.3.2)
    subexec (0.0.4)
    thor (0.14.6)
    timeliness (0.3.3)
    treetop (1.4.9)
      polyglot (>= 0.3.1)
    ttfunk (1.0.1)
    typus (3.0.10)
      bcrypt-ruby
      fastercsv (~> 1.5)
      render_inheritable
      will_paginate (~> 3.0.pre2)
    tzinfo (0.3.26)
    validates_timeliness (3.0.6)
      timeliness (~> 0.3.3)
    will_paginate (3.0.pre2)

PLATFORMS
  ruby

DEPENDENCIES
  acts-as-taggable-on (= 2.0.6)
  acts_as_geocodable (= 2.0.2)
  aproxacs-s3sync (= 1.3.6)
  authlogic (= 3.0.2)
  capistrano (= 2.5.21)
  carrierwave (= 0.5.3)
  dalli (= 1.0.3)
  delayed_job (= 2.1.4)
  faker (= 0.9.5)
  fog (= 0.7.2)
  google_map (= 0.0.4)
  googlecharts (= 1.6.2)
  graticule (= 2.0.1)
  hoptoad_notifier (= 2.4.9)
  machinist (= 2.0.0.beta2)
  mini_magick (= 3.2)
  mysql2 (= 0.2.7)
  newrelic_rpm (= 2.14.1)
  prawn (= 0.11.1)
  prawnto (= 0.0.4)
  rack (= 1.2.2)
  rack-debug (= 2.0.0)
  rails (= 3.0.7)
  rr (= 1.0.2)
  shoulda (= 2.11.3)
  simple-navigation (= 3.2.0)
  typus (= 3.0.10)
  validates_timeliness (= 3.0.6)
  will_paginate (= 3.0.pre2)
