GIT
  remote: git://github.com/jjb/authlogic.git
  revision: e5adbafa25c9bb14c0fd6ef80b8a649549c79be1
  specs:
    authlogic (2.1.6)
      activesupport

GEM
  remote: http://rubygems.org/
  specs:
    abstract (1.0.0)
    actionmailer (3.0.5)
      actionpack (= 3.0.5)
      mail (~> 2.2.15)
    actionpack (3.0.5)
      activemodel (= 3.0.5)
      activesupport (= 3.0.5)
      builder (~> 2.1.2)
      erubis (~> 2.6.6)
      i18n (~> 0.4)
      rack (~> 1.2.1)
      rack-mount (~> 0.6.13)
      rack-test (~> 0.5.7)
      tzinfo (~> 0.3.23)
    activemodel (3.0.5)
      activesupport (= 3.0.5)
      builder (~> 2.1.2)
      i18n (~> 0.4)
    activerecord (3.0.5)
      activemodel (= 3.0.5)
      activesupport (= 3.0.5)
      arel (~> 2.0.2)
      tzinfo (~> 0.3.23)
    activeresource (3.0.5)
      activemodel (= 3.0.5)
      activesupport (= 3.0.5)
    activesupport (3.0.5)
    acts-as-taggable-on (2.0.6)
    acts_as_geocodable (2.0.2)
      graticule (>= 2.0.0)
    aproxacs-s3sync (1.3.6)
    arel (2.0.9)
    builder (2.1.2)
    capistrano (2.5.19)
      highline
      net-scp (>= 1.0.0)
      net-sftp (>= 2.0.0)
      net-ssh (>= 2.0.14)
      net-ssh-gateway (>= 1.0.0)
    carrierwave (0.5.2)
      activesupport (~> 3.0)
    daemons (1.1.2)
    dalli (1.0.2)
    delayed_job (2.1.4)
      activesupport (~> 3.0)
      daemons
    erubis (2.6.6)
      abstract (>= 1.0.0)
    excon (0.6.0)
    faker (0.9.5)
      i18n (~> 0.4)
    fastercsv (1.5.4)
    fog (0.6.0)
      builder
      excon (>= 0.5.5)
      formatador (>= 0.0.16)
      json
      mime-types
      net-ssh (>= 2.0.23)
      nokogiri (>= 1.4.4)
      ruby-hmac
    formatador (0.1.3)
    googlecharts (1.6.1)
    graticule (2.0.1)
      activesupport
      happymapper (>= 0.3.0)
      i18n
      json
    happymapper (0.3.2)
      libxml-ruby (~> 1.1.3)
    highline (1.6.1)
    hoptoad_notifier (2.4.6)
      activesupport
      builder
    i18n (0.5.0)
    json (1.5.1)
    libxml-ruby (1.1.4)
    machinist (2.0.0.beta2)
    mail (2.2.15)
      activesupport (>= 2.3.6)
      i18n (>= 0.4.0)
      mime-types (~> 1.16)
      treetop (~> 1.4.8)
    mime-types (1.16)
    mini_magick (3.2)
      subexec (~> 0.0.4)
    mysql2 (0.2.6)
    net-scp (1.0.4)
      net-ssh (>= 1.99.1)
    net-sftp (2.0.5)
      net-ssh (>= 2.0.9)
    net-ssh (2.1.4)
    net-ssh-gateway (1.0.1)
      net-ssh (>= 1.99.1)
    newrelic_rpm (2.13.4)
    nokogiri (1.4.4)
    polyglot (0.3.1)
    prawn (0.8.4)
      prawn-core (< 0.9, >= 0.8.4)
      prawn-layout (< 0.9, >= 0.8.4)
      prawn-security (< 0.9, >= 0.8.4)
    prawn-core (0.8.4)
    prawn-layout (0.8.4)
    prawn-security (0.8.4)
    prawnto (0.0.4)
      prawn
      rails (>= 2.1)
    rack (1.2.2)
    rack-mount (0.6.14)
      rack (>= 1.0.0)
    rack-test (0.5.7)
      rack (>= 1.0)
    rails (3.0.5)
      actionmailer (= 3.0.5)
      actionpack (= 3.0.5)
      activerecord (= 3.0.5)
      activeresource (= 3.0.5)
      activesupport (= 3.0.5)
      bundler (~> 1.0)
      railties (= 3.0.5)
    railties (3.0.5)
      actionpack (= 3.0.5)
      activesupport (= 3.0.5)
      rake (>= 0.8.7)
      thor (~> 0.14.4)
    rake (0.8.7)
    render_inheritable (1.0.0)
      rails (~> 3.0)
    rr (1.0.2)
    ruby-hmac (0.4.0)
    shoulda (2.11.3)
    simple-navigation (3.2.0)
      activesupport (>= 2.3.2)
    subexec (0.0.4)
    thor (0.14.6)
    timeliness (0.3.3)
    treetop (1.4.9)
      polyglot (>= 0.3.1)
    typus (3.0.8)
      fastercsv (~> 1.5)
      render_inheritable
      will_paginate (~> 3.0.pre2)
    tzinfo (0.3.26)
    validates_timeliness (3.0.5)
      timeliness (~> 0.3.2)
    will_paginate (3.0.pre2)

PLATFORMS
  ruby

DEPENDENCIES
  acts-as-taggable-on (= 2.0.6)
  acts_as_geocodable (= 2.0.2)
  aproxacs-s3sync (= 1.3.6)
  authlogic!
  capistrano (= 2.5.19)
  carrierwave (= 0.5.2)
  dalli (= 1.0.2)
  delayed_job (= 2.1.4)
  faker (= 0.9.5)
  fog (= 0.6.0)
  googlecharts (= 1.6.1)
  graticule (= 2.0.1)
  hoptoad_notifier (= 2.4.6)
  machinist (= 2.0.0.beta2)
  mini_magick (= 3.2)
  mysql2 (= 0.2.6)
  newrelic_rpm (= 2.13.4)
  prawn (= 0.8.4)
  prawnto (= 0.0.4)
  rack (= 1.2.2)
  rails (= 3.0.5)
  rr (= 1.0.2)
  shoulda (= 2.11.3)
  simple-navigation (= 3.2.0)
  typus (= 3.0.8)
  validates_timeliness (= 3.0.5)
  will_paginate (= 3.0.pre2)
